GEM
  remote: https://rubygems.org/
  specs:
    activesupport (3.2.13)
      i18n (= 0.6.1)
      multi_json (~> 1.0)
    claide (0.3.2)
    cocoapods (0.24.0)
      activesupport (~> 3.0)
      claide (~> 0.3.2)
      cocoapods-core (= 0.24.0)
      cocoapods-downloader (~> 0.2.0)
      colored (~> 1.2)
      escape (~> 0.0.4)
      json (~> 1.8)
      open4 (~> 1.3)
      xcodeproj (~> 0.10.0)
    cocoapods-core (0.24.0)
      activesupport (~> 3.0)
      json (~> 1.8)
      nap (~> 0.5)
    cocoapods-downloader (0.2.0)
    colored (1.2)
    escape (0.0.4)
    i18n (0.6.1)
    json (1.8.0)
    multi_json (1.7.4)
    nap (0.5.1)
    open4 (1.3.0)
    xcodeproj (0.10.1)
      activesupport (~> 3.0)
      colored (~> 1.2)

PLATFORMS
  ruby

DEPENDENCIES
  cocoapods (= 0.24.0)
